GEM
  specs:
    rack (3.1.16)
    webrick (1.9.1)

PLATFORMS
  arm64-darwin-24
  ruby

DEPENDENCIES
  rack (~> 3.1)
  webrick (~> 1.9)

BUNDLED WITH
   2.6.9
